NUGET
  remote: http://api.nuget.org/v3/index.json
    FAKE (4.64.17)
    FAKE.Dotnet (2.0)
    FSharp.Collections.ParallelSeq (1.1.2)
      FSharp.Core (>= 4.0.0.1) - restriction: >= net45
      FSharp.Core (>= 4.3.4) - restriction: && (< net45) (>= netstandard2.0)
      System.ValueTuple (>= 4.3.1) - restriction: >= net45
    FSharp.Core (4.7) - restriction: || (>= net45) (>= netstandard2.0)
    NuGet.CommandLine (4.9.4)
    System.ValueTuple (4.5) - restriction: >= net45
