NUGET
  remote: http://api.nuget.org/v3/index.json
    FAKE (4.64.17)
    FAKE.Dotnet (2.0)
    NuGet.CommandLine (4.9.4)
